GIT
  remote: https://github.com/virtualstaticvoid/rinruby.git
  revision: 44c79c591fdb25da15576ee3f7857592b4775ebd
  branch: master
  specs:
    rinruby (2.1.0)

GEM
  remote: http://rubygems.org/
  specs:
    daemons (1.4.1)
    eventmachine (1.2.7)
    foreman (0.87.2)
    mustermann (1.1.1)
      ruby2_keywords (~> 0.0.1)
    rack (2.2.3)
    rack-protection (2.1.0)
      rack
    ruby2_keywords (0.0.5)
    sinatra (2.1.0)
      mustermann (~> 1.0)
      rack (~> 2.2)
      rack-protection (= 2.1.0)
      tilt (~> 2.0)
    thin (1.8.1)
      daemons (~> 1.0, >= 1.0.9)
      eventmachine (~> 1.0, >= 1.0.4)
      rack (>= 1, < 3)
    tilt (2.0.10)

PLATFORMS
  x86_64-linux

DEPENDENCIES
  bundler
  foreman
  rinruby!
  sinatra
  thin

RUBY VERSION
   ruby 3.0.0p0

BUNDLED WITH
   2.2.3
