GIT
  remote: git://github.com/virtualstaticvoid/rinruby.git
  revision: 4b334969763467525797ffb2e1e47c378c78a8ef
  branch: master
  specs:
    rinruby (2.0.3)

GEM
  remote: http://rubygems.org/
  specs:
    daemons (1.2.6)
    eventmachine (1.2.5)
    foreman (0.84.0)
      thor (~> 0.19.1)
    mustermann (1.0.1)
    rack (2.0.3)
    rack-protection (2.0.0)
      rack
    sinatra (2.0.0)
      mustermann (~> 1.0)
      rack (~> 2.0)
      rack-protection (= 2.0.0)
      tilt (~> 2.0)
    thin (1.7.2)
      daemons (~> 1.0, >= 1.0.9)
      eventmachine (~> 1.0, >= 1.0.4)
      rack (>= 1, < 3)
    thor (0.19.4)
    tilt (2.0.8)

PLATFORMS
  ruby

DEPENDENCIES
  bundler
  foreman
  rinruby!
  sinatra
  thin

RUBY VERSION
   ruby 2.4.0p0

BUNDLED WITH
   1.16.1
